GIT
  remote: https://github.com/cloudfoundry/vcap-common.git
  revision: bdd2eac66b6e4f43ff5b943d94cb462a60323a35
  ref: bdd2eac66b6e4f43ff5b943d94cb462a60323a35
  specs:
    vcap_common (2.3.0)
      addressable (~> 2.2)
      em-http-request (~> 1.0)
      eventmachine
      httpclient
      membrane (~> 0.0.2)
      mime-types
      multipart-post
      nats (>= 0.5.0.beta.12, < 0.6)
      posix-spawn (~> 0.3.6)
      squash_ruby
      steno
      thin
      uuidtools
      vmstat (~> 2.0)
      yajl-ruby

GEM
  remote: https://rubygems.org/
  specs:
    addressable (2.5.0)
      public_suffix (~> 2.0, >= 2.0.2)
    cf-message-bus (0.3.4)
      eventmachine (~> 1.0.0)
      nats (>= 0.5.0, < 0.6)
      vcap-concurrency
      yajl-ruby
    cf-registrar (1.0.3)
      cf-message-bus (~> 0.3.0)
      eventmachine (~> 1.0.0)
      steno
      vcap-concurrency
    cookiejar (0.3.3)
    daemons (1.2.4)
    em-http-request (1.1.5)
      addressable (>= 2.3.4)
      cookiejar (!= 0.3.1)
      em-socksify (>= 0.3)
      eventmachine (>= 1.0.3)
      http_parser.rb (>= 0.6.0)
    em-socksify (0.3.1)
      eventmachine (>= 1.0.0.beta.4)
    eventmachine (1.0.7)
    fluent-logger (0.6.2)
      msgpack (>= 0.5.6, < 2)
    http_parser.rb (0.6.0)
    httpclient (2.8.3)
    json (2.0.3)
    json_pure (1.8.6)
    membrane (0.0.5)
    mime-types (3.1)
      mime-types-data (~> 3.2015)
    mime-types-data (3.2016.0521)
    msgpack (1.1.0)
    multipart-post (2.0.0)
    nats (0.5.1)
      daemons (~> 1.1, >= 1.2.2)
      eventmachine (~> 1.0, = 1.0.7)
      json_pure (~> 1.8, >= 1.8.1)
      thin (~> 1.6, >= 1.6.3)
    posix-spawn (0.3.13)
    public_suffix (2.0.5)
    rack (2.0.1)
    squash_ruby (2.0.1)
      json
    steno (1.3.4)
      fluent-logger
      yajl-ruby (~> 1.0)
    thin (1.7.0)
      daemons (~> 1.0, >= 1.0.9)
      eventmachine (~> 1.0, >= 1.0.4)
      rack (>= 1, < 3)
    uuidtools (2.1.5)
    vcap-concurrency (0.1.0)
    vmstat (2.3.0)
    yajl-ruby (1.3.0)

PLATFORMS
  ruby

DEPENDENCIES
  cf-registrar
  vcap_common!

BUNDLED WITH
   1.14.6
