GEM
  remote: https://rubygems.org/
  specs:
    addressable (2.5.0)
      public_suffix (~> 2.0, >= 2.0.2)
    cookiejar (0.3.0)
    daemons (1.2.4)
    em-http-request (1.1.5)
      addressable (>= 2.3.4)
      cookiejar (!= 0.3.1)
      em-socksify (>= 0.3)
      eventmachine (>= 1.0.3)
      http_parser.rb (>= 0.6.0)
    em-socksify (0.3.1)
      eventmachine (>= 1.0.0.beta.4)
    eventmachine (1.2.3)
    fluent-logger (0.6.2)
      msgpack (>= 0.5.6, < 2)
    http_parser.rb (0.6.0)
    httpclient (2.8.3)
    membrane (1.1.0)
    mime-types (3.1)
      mime-types-data (~> 3.2015)
    mime-types-data (3.2016.0521)
    msgpack (1.1.0)
    multipart-post (2.0.0)
    nats (0.8.2)
      eventmachine (~> 1.2, >= 1.2)
    posix-spawn (0.3.13)
    public_suffix (2.0.5)
    rack (2.0.1)
    steno (1.3.4)
      fluent-logger
      yajl-ruby (~> 1.0)
    thin (1.7.0)
      daemons (~> 1.0, >= 1.0.9)
      eventmachine (~> 1.0, >= 1.0.4)
      rack (>= 1, < 3)
    uuidtools (2.1.5)
    vcap_common (4.0.5)
      addressable (~> 2.2)
      cookiejar (<= 0.3.0)
      em-http-request (~> 1.0)
      eventmachine
      httpclient
      membrane (~> 1.0)
      mime-types
      multipart-post
      nats (~> 0.8.0)
      posix-spawn (~> 0.3.6)
      steno
      thin
      uuidtools
      vmstat (~> 2.0)
      yajl-ruby
    vmstat (2.3.0)
    yajl-ruby (1.3.0)

PLATFORMS
  ruby

DEPENDENCIES
  vcap_common

BUNDLED WITH
   1.14.6
